GIT
  remote: git@github.com:thapakazi/dotenv-secrets
  revision: 75fd37517458679b7e635eae77ec0c92ab1093f4
  specs:
    dotenv-secrets (0.1.0)
      dotenv

GEM
  remote: https://rubygems.org/
  specs:
    coderay (1.1.1)
    dotenv (2.2.0)
    method_source (0.8.2)
    pry (0.10.4)
      coderay (~> 1.1.0)
      method_source (~> 0.8.1)
      slop (~> 3.4)
    slop (3.6.0)

PLATFORMS
  ruby

DEPENDENCIES
  dotenv-secrets!
  pry

BUNDLED WITH
   1.13.6
